GEM
  remote: https://rubygems.org/
  specs:
    ast (2.4.0)
    jaro_winkler (1.5.2)
    parallel (1.14.0)
    parser (2.6.0.0)
      ast (~> 2.4.0)
    rainbow (3.0.0)
    relaxed-rubocop (2.4)
    rubocop (0.76.0)
      jaro_winkler (~> 1.5.1)
      parallel (~> 1.10)
      parser (>= 2.6)
      rainbow (>= 2.2.2, < 4.0)
      ruby-progressbar (~> 1.7)
      unicode-display_width (>= 1.4.0, < 1.7)
    ruby-progressbar (1.10.0)
    unicode-display_width (1.5.0)

PLATFORMS
  ruby

DEPENDENCIES
  relaxed-rubocop
  rubocop (~> 0.76.0)

BUNDLED WITH
   2.0.2
