GEM
  remote: https://rubygems.org/
  specs:
    awesome_print (1.9.2)
    google-protobuf (3.17.3)
    googleapis-common-protos-types (1.1.0)
      google-protobuf (~> 3.14)
    grpc (1.38.0)
      google-protobuf (~> 3.15)
      googleapis-common-protos-types (~> 1.0)

PLATFORMS
  ruby

DEPENDENCIES
  awesome_print
  grpc

BUNDLED WITH
   2.2.28
