GEM
  remote: https://rubygems.org/
  specs:
    google-protobuf (3.17.3)

PLATFORMS
  ruby

DEPENDENCIES
  google-protobuf

BUNDLED WITH
   2.2.21
